GEM
  remote: http://rubygems.org/
  specs:
    bootstrap-sass (2.1.1.0)
    chunky_png (1.2.6)
    compass (0.12.2)
      chunky_png (~> 1.2)
      fssm (>= 0.2.7)
      sass (~> 3.1)
    foreman (0.60.2)
      thor (>= 0.13.6)
    fssm (0.2.9)
    hike (1.2.1)
    kgio (2.7.4)
    multi_json (1.3.7)
    rack (1.4.1)
    raindrops (0.10.0)
    sass (3.2.2)
    sprockets (2.8.1)
      hike (~> 1.2)
      multi_json (~> 1.0)
      rack (~> 1.0)
      tilt (~> 1.1, != 1.3.0)
    thor (0.16.0)
    tilt (1.3.3)
    unicorn (4.4.0)
      kgio (~> 2.6)
      rack
      raindrops (~> 0.7)

PLATFORMS
  ruby

DEPENDENCIES
  bootstrap-sass (~> 2.1.1.0)
  compass
  foreman
  rack
  sass
  sprockets (~> 2.0)
  unicorn
