GEM
  remote: http://rubygems.org/
  specs:
    foreman (0.60.2)
      thor (>= 0.13.6)
    kgio (2.7.4)
    rack (1.4.1)
    raindrops (0.10.0)
    thor (0.16.0)
    unicorn (4.4.0)
      kgio (~> 2.6)
      rack
      raindrops (~> 0.7)

PLATFORMS
  ruby

DEPENDENCIES
  foreman
  rack
  unicorn
